GEM
  remote: https://rubygems.org/
  remote: http://gems.neurogami.com/
  specs:
    active_support (3.0.0)
      activesupport (= 3.0.0)
    activesupport (3.0.0)
    builder (3.2.2)
    coderay (1.1.0)
    columnize (0.3.6)
    execjs (2.0.2)
    ffi (1.9.3)
    ffi (1.9.3-java)
    hoe (3.7.3)
      rake (>= 0.8, < 11.0)
    linecache (0.46)
      rbx-require-relative (> 0.0.4)
    method_source (0.8.2)
    minitest (2.12.1)
    pre-commit (0.11.0)
      execjs
    pry (0.9.12.4)
      coderay (~> 1.0)
      method_source (~> 0.8)
      slop (~> 3.4)
    pry (0.9.12.4-java)
      coderay (~> 1.0)
      method_source (~> 0.8)
      slop (~> 3.4)
      spoon (~> 0.0)
    pry-nav (0.2.3)
      pry (~> 0.9.10)
    rake (10.1.1)
    rawr (1.6.7)
      rubyzip
      user-choices
    rbx-require-relative (0.0.9)
    ruby-debug (0.10.4)
      columnize (>= 0.1)
      ruby-debug-base (~> 0.10.4.0)
    ruby-debug-base (0.10.4)
      linecache (>= 0.3)
    ruby-debug-base (0.10.4-java)
    rubycop (1.0.1)
    rubyzip (1.1.0)
    s4t-utils (1.0.4)
      hoe (>= 1.3.0)
    slop (3.4.7)
    spoon (0.0.4)
      ffi
    state_machine (1.2.0)
    user-choices (1.1.6.1)
      builder (>= 2.1.2)
      s4t-utils (>= 1.0.3)
      xml-simple (>= 1.0.11)
    xml-simple (1.1.2)

PLATFORMS
  java
  ruby

DEPENDENCIES
  active_support
  minitest
  pre-commit
  pry
  pry-nav
  rawr
  ruby-debug
  rubycop
  state_machine
